GEM
  remote: http://rubygems.org/
  specs:
    activesupport (3.2.6)
      i18n (~> 0.6)
      multi_json (~> 1.0)
    addressable (2.2.8)
    bacon (1.1.0)
    bcrypt-ruby (3.0.1)
    bson (1.6.4)
    bson_ext (1.6.4)
      bson (~> 1.6.4)
    choice (0.1.6)
    daemons (1.1.8)
    diff-lcs (1.1.3)
    em-hiredis (0.1.1)
      hiredis (~> 0.4.0)
    eventmachine (0.12.10)
    fnordmetric (0.7.5)
      activesupport
      bson_ext (>= 1.4.0)
      em-hiredis
      eventmachine
      haml
      i18n
      json
      rack
      rack-test
      redis (>= 2.2.2)
      sinatra (>= 1.2.6)
      thin
      yajl-ruby
    foreman (0.47.0)
      thor (>= 0.13.6)
    git (1.2.5)
    haml (3.1.6)
    hiredis (0.4.5)
    i18n (0.6.0)
    innate (2012.03)
      rack (~> 1.4.1)
    json (1.7.3)
    kgio (2.7.4)
    launchy (2.1.0)
      addressable (~> 2.2.6)
    lolcommits (0.1.4)
      choice (>= 0.1.6)
      git
      launchy
      rmagick
    mail (2.4.4)
      i18n (>= 0.4.0)
      mime-types (~> 1.16)
      treetop (~> 1.4.8)
    mime-types (1.18)
    multi_json (1.3.6)
    mysql2 (0.3.11)
    nokogiri (1.5.4)
    polyglot (0.3.3)
    pony (1.4)
      mail (> 2.0)
    rack (1.4.1)
    rack-protection (1.2.0)
      rack
    rack-test (0.6.1)
      rack (>= 1.0)
    raindrops (0.9.0)
    rake (0.9.2.2)
    ramaze (2012.04.14)
      innate (>= 2012.03)
    rdoc (3.12)
      json (~> 1.4)
    rdoc-data (3.12)
      rdoc (> 2.5, < 4.0)
    redis (3.0.1)
    rmagick (2.13.1)
    rspec (2.10.0)
      rspec-core (~> 2.10.0)
      rspec-expectations (~> 2.10.0)
      rspec-mocks (~> 2.10.0)
    rspec-core (2.10.1)
    rspec-expectations (2.10.0)
      diff-lcs (~> 1.1.3)
    rspec-mocks (2.10.1)
    sequel (3.36.1)
    simplecov (0.6.4)
      multi_json (~> 1.0)
      simplecov-html (~> 0.5.3)
    simplecov-html (0.5.3)
    sinatra (1.3.2)
      rack (~> 1.3, >= 1.3.6)
      rack-protection (~> 1.2)
      tilt (~> 1.3, >= 1.3.3)
    sqlite3 (1.3.6)
    thin (1.3.1)
      daemons (>= 1.0.9)
      eventmachine (>= 0.12.6)
      rack (>= 1.0.0)
    thor (0.15.2)
    tilt (1.3.3)
    treetop (1.4.10)
      polyglot
      polyglot (>= 0.3.1)
    unicorn (4.3.1)
      kgio (~> 2.6)
      rack
      raindrops (~> 0.7)
    yajl-ruby (1.1.0)
    yard (0.8.2.1)

PLATFORMS
  ruby

DEPENDENCIES
  bacon
  bcrypt-ruby
  bundler
  fnordmetric
  foreman
  json
  lolcommits
  mysql2
  nokogiri
  pony
  rack-test
  rake
  ramaze
  rdoc
  rdoc-data
  redis
  rspec
  sequel
  simplecov
  sqlite3
  thin
  unicorn
  yard
